GEM
  remote: https://rubygems.org/
  specs:
    activesupport (4.2.6)
      i18n (~> 0.7)
      json (~> 1.7, >= 1.7.7)
      minitest (~> 5.1)
      thread_safe (~> 0.3, >= 0.3.4)
      tzinfo (~> 1.1)
    clockwork (1.2.0)
      activesupport
      tzinfo
    concurrent-ruby (1.0.1)
    connection_pool (2.2.0)
    dogapi (1.21.0)
      multi_json
    i18n (0.7.0)
    json (1.8.3)
    minitest (5.8.4)
    multi_json (1.11.2)
    redis (3.2.2)
    sidekiq (4.1.1)
      concurrent-ruby (~> 1.0)
      connection_pool (~> 2.2, >= 2.2.0)
      redis (~> 3.2, >= 3.2.1)
    thread_safe (0.3.5)
    tzinfo (1.2.2)
      thread_safe (~> 0.1)

PLATFORMS
  ruby

DEPENDENCIES
  clockwork
  dogapi
  sidekiq

BUNDLED WITH
   1.11.2
